GEM
  remote: https://rubygems.org/
  specs:
    apachelogregex (0.1.0)
    sqlite3 (1.3.11)

PLATFORMS
  ruby

DEPENDENCIES
  apachelogregex
  sqlite3
